PATH
  remote: .
  specs:
    json_model (0.1.4)

GEM
  remote: https://rubygems.org/
  specs:
    ansi (1.5.0)
    builder (3.2.4)
    codeclimate-test-reporter (0.4.7)
      simplecov (>= 0.7.1, < 1.0.0)
    docile (1.1.5)
    minitest (5.14.4)
    minitest-reporters (1.4.3)
      ansi
      builder
      minitest (>= 5.0)
      ruby-progressbar
    multi_json (1.10.1)
    rake (13.0.3)
    ruby-progressbar (1.10.1)
    simplecov (0.9.2)
      docile (~> 1.1.0)
      multi_json (~> 1.0)
      simplecov-html (~> 0.9.0)
    simplecov-html (0.9.0)

PLATFORMS
  ruby

DEPENDENCIES
  bundler (~> 2.1)
  codeclimate-test-reporter
  json_model!
  minitest (~> 5.14.0)
  minitest-reporters (~> 1.4)
  rake (~> 13.0)

BUNDLED WITH
   2.1.4
