PATH
  remote: .
  specs:
    json_model (0.1.1)

GEM
  remote: https://rubygems.org/
  specs:
    ansi (1.5.0)
    builder (3.2.2)
    minitest (5.5.1)
    minitest-reporters (1.0.10)
      ansi
      builder
      minitest (>= 5.0)
      ruby-progressbar
    rake (10.4.2)
    ruby-progressbar (1.7.1)

PLATFORMS
  ruby

DEPENDENCIES
  bundler (~> 1.8)
  json_model!
  minitest (~> 5.5.0)
  minitest-reporters (~> 1.0.10)
  rake (~> 10.0)
